GEM
  remote: https://rubygems.org/
  specs:
    down (4.2.0)
    haml (5.0.4)
      temple (>= 0.8.0)
      tilt
    httparty (0.15.6)
      multi_xml (>= 0.5.2)
    json (1.8.6)
    mini_magick (4.8.0)
    multi_xml (0.6.0)
    mustermann (1.0.1)
    nio4r (2.5.8)
    puma (5.6.4)
      nio4r (~> 2.0)
    rack (2.0.3)
    rack-protection (2.0.0)
      rack
    sinatra (2.0.0)
      mustermann (~> 1.0)
      rack (~> 2.0)
      rack-protection (= 2.0.0)
      tilt (~> 2.0)
    temple (0.8.0)
    themoviedb (1.0.1)
      httparty
    tilt (2.0.8)

PLATFORMS
  ruby

DEPENDENCIES
  down
  haml
  json
  mini_magick
  puma
  sinatra
  themoviedb

BUNDLED WITH
   1.17.2
