GEM
  remote: https://rubygems.org/
  specs:
    down (4.2.0)
    httparty (0.15.6)
      multi_xml (>= 0.5.2)
    json (1.8.6)
    mini_magick (4.8.0)
    multi_xml (0.6.0)
    mustermann (1.0.1)
    rack (2.0.3)
    rack-protection (2.0.0)
      rack
    sinatra (2.0.0)
      mustermann (~> 1.0)
      rack (~> 2.0)
      rack-protection (= 2.0.0)
      tilt (~> 2.0)
    themoviedb (1.0.1)
      httparty
    tilt (2.0.8)

PLATFORMS
  ruby

DEPENDENCIES
  down
  json
  mini_magick
  sinatra
  themoviedb

BUNDLED WITH
   1.14.6
